GEM
  remote: https://rubygems.org/
  specs:
    addressable (2.3.6)
    colorize (0.7.2)
    faraday (0.9.0)
      multipart-post (>= 1.2, < 3)
    i18n (0.6.9)
    mini_portile (0.5.2)
    multipart-post (2.0.0)
    nokogiri (1.6.1)
      mini_portile (~> 0.5.0)
    octokit (3.1.0)
      sawyer (~> 0.5.3)
    sawyer (0.5.4)
      addressable (~> 2.3.5)
      faraday (~> 0.8, < 0.10)
    thread (0.1.4)

PLATFORMS
  ruby

DEPENDENCIES
  colorize
  i18n
  nokogiri
  octokit
  thread
